GIT
  remote: git://github.com/pluginaweek/state_machine.git
  revision: e625d2645a71fb5bc50ca61553b59b4890444508
  tag: v0.9.4
  specs:
    state_machine (0.9.4)

GEM
  remote: http://rubygems.org/
  specs:
    RedCloth (4.2.3)
    SystemTimer (1.2.3)
    XMLCanonicalizer (1.0.1)
      log4r (>= 1.0.4)
    abstract (1.0.0)
    actionmailer (3.0.10)
      actionpack (= 3.0.10)
      mail (~> 2.2.19)
    actionpack (3.0.10)
      activemodel (= 3.0.10)
      activesupport (= 3.0.10)
      builder (~> 2.1.2)
      erubis (~> 2.6.6)
      i18n (~> 0.5.0)
      rack (~> 1.2.1)
      rack-mount (~> 0.6.14)
      rack-test (~> 0.5.7)
      tzinfo (~> 0.3.23)
    activemerchant (1.15.0)
      activesupport (>= 2.3.8)
      braintree (>= 2.0.0)
      builder (>= 2.0.0)
    activemodel (3.0.10)
      activesupport (= 3.0.10)
      builder (~> 2.1.2)
      i18n (~> 0.5.0)
    activerecord (3.0.10)
      activemodel (= 3.0.10)
      activesupport (= 3.0.10)
      arel (~> 2.0.10)
      tzinfo (~> 0.3.23)
    activeresource (3.0.10)
      activemodel (= 3.0.10)
      activesupport (= 3.0.10)
    activesupport (3.0.10)
    acts-as-taggable-on (2.0.6)
    acts_as_list (0.1.2)
    acts_as_tree (0.1.1)
    addressable (2.2.6)
    arel (2.0.10)
    authlogic (3.0.3)
      activerecord (>= 3.0.7)
      activerecord (>= 3.0.7)
    braintree (2.13.1)
      builder (>= 2.0.0)
    builder (2.1.2)
    carrierwave (0.5.7)
      activesupport (~> 3.0)
    erubis (2.6.6)
      abstract (>= 1.0.0)
    excon (0.7.9)
    faraday (0.7.5)
      addressable (~> 2.2.6)
      multipart-post (~> 1.1.3)
      rack (>= 1.1.0, < 2)
    fog (0.3.33)
      builder
      excon (>= 0.3.3)
      formatador (>= 0.0.16)
      json
      mime-types
      net-ssh (>= 2.0.23)
      nokogiri (>= 1.4.4)
      ruby-hmac
    formatador (0.2.1)
    gibbon (0.3.1)
      activesupport (>= 2.3.14)
      activesupport (>= 2.3.14)
      httparty (> 0.6.0)
      httparty (> 0.6.0)
      json (> 1.4.0)
      json (> 1.4.0)
      rdoc
    guid (0.1.1)
    hiredis (0.3.2)
    httparty (0.8.1)
      multi_json
      multi_xml
    i18n (0.5.0)
    jquery-rails (1.0.19)
      railties (~> 3.0)
      thor (~> 0.14)
    json (1.6.3)
    kgio (2.0.0)
    koala (1.2.0)
      faraday (~> 0.7.0)
      multi_json (~> 1.0)
    log4r (1.1.9)
    macaddr (1.5.0)
      systemu (>= 2.4.0)
    mail (2.2.19)
      activesupport (>= 2.3.6)
      i18n (>= 0.4.0)
      mime-types (~> 1.16)
      treetop (~> 1.4.8)
    mime-types (1.17.2)
    mini_magick (3.1)
      subexec (~> 0.0.4)
    multi_json (1.0.4)
    multi_xml (0.4.1)
    multipart-post (1.1.4)
    mysql (2.8.1)
    nestful (0.0.6)
      activesupport (>= 3.0.0.beta)
    net-ldap (0.2.2)
    net-ssh (2.2.1)
    newrelic_rpm (3.3.0)
    nokogiri (1.5.0)
    oa-basic (0.3.2)
      oa-core (= 0.3.2)
      rest-client (~> 1.6.0)
    oa-core (0.3.2)
    oa-enterprise (0.3.2)
      XMLCanonicalizer (~> 1.0.1)
      addressable (~> 2.2.6)
      net-ldap (~> 0.2.2)
      nokogiri (~> 1.5.0)
      oa-core (= 0.3.2)
      pyu-ruby-sasl (~> 0.0.3.1)
      rubyntlm (~> 0.1.1)
      uuid
    oa-more (0.3.2)
      multi_json (~> 1.0.0)
      oa-core (= 0.3.2)
      rest-client (~> 1.6.0)
    oa-oauth (0.3.2)
      faraday (~> 0.7.3)
      multi_json (~> 1.0.0)
      multi_xml (~> 0.4.0)
      oa-core (= 0.3.2)
      oauth (~> 0.4.0)
      oauth2 (~> 0.5.0)
    oa-openid (0.3.2)
      oa-core (= 0.3.2)
      rack-openid (~> 1.3.1)
      ruby-openid-apps-discovery (~> 1.2.0)
    oauth (0.4.5)
    oauth2 (0.5.1)
      faraday (~> 0.7.4)
      multi_json (~> 1.0.3)
    omniauth (0.3.2)
      oa-basic (= 0.3.2)
      oa-core (= 0.3.2)
      oa-enterprise (= 0.3.2)
      oa-more (= 0.3.2)
      oa-oauth (= 0.3.2)
      oa-openid (= 0.3.2)
    polyglot (0.3.3)
    pyu-ruby-sasl (0.0.3.3)
    rack (1.2.4)
    rack-mount (0.6.14)
      rack (>= 1.0.0)
    rack-openid (1.3.1)
      rack (>= 1.1.0)
      ruby-openid (>= 2.1.8)
    rack-test (0.5.7)
      rack (>= 1.0)
    rails (3.0.10)
      actionmailer (= 3.0.10)
      actionpack (= 3.0.10)
      activerecord (= 3.0.10)
      activeresource (= 3.0.10)
      activesupport (= 3.0.10)
      bundler (~> 1.0)
      railties (= 3.0.10)
    railties (3.0.10)
      actionpack (= 3.0.10)
      activesupport (= 3.0.10)
      rake (>= 0.8.7)
      rdoc (~> 3.4)
      thor (~> 0.14.4)
    rake (0.9.2.2)
    rdoc (3.11)
      json (~> 1.4)
    redis (2.2.1)
    rest-client (1.6.7)
      mime-types (>= 1.16)
    ruby-hmac (0.4.0)
    ruby-openid (2.1.8)
    ruby-openid-apps-discovery (1.2.0)
      ruby-openid (>= 2.1.7)
    rubyntlm (0.1.1)
    subexec (0.0.4)
    systemu (2.4.1)
    thor (0.14.6)
    timeliness (0.3.4)
    treetop (1.4.10)
      polyglot
      polyglot (>= 0.3.1)
    tzinfo (0.3.31)
    unicorn (3.1.0)
      kgio (~> 2.0.0)
      rack
    uuid (2.3.4)
      macaddr (~> 1.0)
    validates_timeliness (3.0.7)
      timeliness (~> 0.3.3)
    will_paginate (3.0.2)
    yajl-ruby (1.1.0)

PLATFORMS
  ruby

DEPENDENCIES
  RedCloth (= 4.2.3)
  SystemTimer (= 1.2.3)
  activemerchant (= 1.15.0)
  acts-as-taggable-on (= 2.0.6)
  acts_as_list (= 0.1.2)
  acts_as_tree (= 0.1.1)
  authlogic (= 3.0.3)
  carrierwave (= 0.5.7)
  fog (= 0.3.33)
  gibbon
  guid (= 0.1.1)
  hiredis (~> 0.3.1)
  jquery-rails (>= 1.0.12)
  koala (~> 1.2.0beta)
  mini_magick (= 3.1)
  mysql (= 2.8.1)
  nestful (= 0.0.6)
  newrelic_rpm
  nokogiri
  omniauth (>= 0.3.0.rc, < 0.4)
  rails (= 3.0.10)
  redis (~> 2.2.0)
  state_machine!
  unicorn (= 3.1.0)
  validates_timeliness (~> 3.0.0)
  will_paginate (~> 3.0.2)
  yajl-ruby
