GIT
  remote: https://github.com/makandra/mysql2
  revision: adc8816cacf3ba8540158ef55fd1d14666ad31a0
  branch: 0.3.x-lts
  specs:
    mysql2 (0.3.21)

GEM
  remote: https://rubygems.org/
  specs:
    actionmailer (3.2.22.5)
      actionpack (= 3.2.22.5)
      mail (~> 2.5.4)
    actionpack (3.2.22.5)
      activemodel (= 3.2.22.5)
      activesupport (= 3.2.22.5)
      builder (~> 3.0.0)
      erubis (~> 2.7.0)
      journey (~> 1.0.4)
      rack (~> 1.4.5)
      rack-cache (~> 1.2)
      rack-test (~> 0.6.1)
      sprockets (~> 2.2.1)
    activemodel (3.2.22.5)
      activesupport (= 3.2.22.5)
      builder (~> 3.0.0)
    activerecord (3.2.22.5)
      activemodel (= 3.2.22.5)
      activesupport (= 3.2.22.5)
      arel (~> 3.0.2)
      tzinfo (~> 0.3.29)
    activeresource (3.2.22.5)
      activemodel (= 3.2.22.5)
      activesupport (= 3.2.22.5)
    activesupport (3.2.22.5)
      i18n (~> 0.6, >= 0.6.4)
      multi_json (~> 1.0)
    acts-as-taggable-on (2.3.3)
      rails (~> 3.0)
    acts_as_list (0.1.9)
    acts_as_tree (1.1.0)
      activerecord (>= 3.0.0)
    arel (3.0.3)
    authlogic (3.1.3)
      activerecord (>= 3.0.0)
      activesupport (>= 3.0.0)
    bigdecimal (1.3.5)
    builder (3.0.4)
    carrierwave (0.5.8)
      activesupport (~> 3.0)
    celluloid (0.18.0)
      timers (~> 4)
    commonjs (0.2.7)
    concurrent-ruby (1.2.0)
    connection_pool (2.3.0)
    dry-inflector (1.0.0)
    dynamic_form (1.1.4)
    erubis (2.7.0)
    excon (0.97.2)
    execjs (2.8.1)
    fancybox2-rails (0.2.8)
      railties (>= 3.1.0, < 5.0)
    faraday (0.17.6)
      multipart-post (>= 1.2, < 3)
    ffi (1.15.5)
    fog (1.22.1)
      fog-brightbox
      fog-core (~> 1.22)
      fog-json
      ipaddress (~> 0.5)
      nokogiri (~> 1.5, >= 1.5.11)
    fog-brightbox (1.9.1)
      dry-inflector
      fog-core (>= 1.45, < 3.0)
      fog-json
    fog-core (1.45.0)
      builder
      excon (~> 0.58)
      formatador (~> 0.2)
    fog-json (1.2.0)
      fog-core
      multi_json (~> 1.10)
    formatador (0.3.0)
    get_process_mem (0.2.7)
      ffi (~> 1.0)
    gibbon (0.3.5)
      httparty (> 0.6.0)
      json (> 1.4.0)
      rdoc
    guid (0.1.1)
    hashie (2.1.2)
    hike (1.2.3)
    hiredis (0.4.5)
    httparty (0.8.3)
      multi_json (~> 1.0)
      multi_xml
    httpauth (0.2.1)
    i18n (0.9.5)
      concurrent-ruby (~> 1.0)
    ipaddress (0.8.3)
    journey (1.0.4)
    jquery-rails (3.1.5)
      railties (>= 3.0, < 5.0)
      thor (>= 0.14, < 2.0)
    jquery-ui-rails (6.0.1)
      railties (>= 3.2.16)
    json (2.6.3)
    jwt (0.1.13)
      multi_json (>= 1.5)
    kgio (2.11.4)
    koala (1.5.0)
      faraday (~> 0.7)
      multi_json (~> 1.3)
    less (2.3.3)
      commonjs (~> 0.2.6)
    less-rails (2.3.3)
      actionpack (>= 3.1)
      less (~> 2.3.1)
    libv8 (3.16.14.19)
    mail (2.5.5)
      mime-types (~> 1.16)
      treetop (~> 1.4.8)
    mime-types (1.25.1)
    mini_magick (3.8.1)
      subexec (~> 0.2.1)
    mini_portile2 (2.8.1)
    modernizr-rails (2.7.1)
    multi_json (1.15.0)
    multi_xml (0.6.0)
    multipart-post (2.2.3)
    net-ssh (7.0.1)
    newrelic_rpm (8.15.0)
    nokogiri (1.14.0)
      mini_portile2 (~> 2.8.0)
      racc (~> 1.4)
    oauth (1.1.0)
      oauth-tty (~> 1.0, >= 1.0.1)
      snaky_hash (~> 2.0)
      version_gem (~> 1.1)
    oauth-tty (1.0.5)
      version_gem (~> 1.1, >= 1.1.1)
    oauth2 (0.8.1)
      faraday (~> 0.8)
      httpauth (~> 0.1)
      jwt (~> 0.1.4)
      multi_json (~> 1.0)
      rack (~> 1.2)
    omniauth (1.1.4)
      hashie (>= 1.2, < 3)
      rack
    omniauth-facebook (1.4.1)
      omniauth-oauth2 (~> 1.1.0)
    omniauth-oauth (1.2.0)
      oauth
      omniauth (>= 1.0, < 3)
    omniauth-oauth2 (1.1.1)
      oauth2 (~> 0.8.0)
      omniauth (~> 1.0)
    omniauth-twitter (0.0.18)
      multi_json (~> 1.3)
      omniauth-oauth (~> 1.0)
    polyglot (0.3.5)
    quiet_assets (1.1.0)
      railties (>= 3.1, < 5.0)
    racc (1.6.2)
    rack (1.4.7)
    rack-cache (1.13.0)
      rack (>= 0.4)
    rack-ssl (1.3.4)
      rack
    rack-test (0.6.3)
      rack (>= 1.0)
    rails (3.2.22.5)
      actionmailer (= 3.2.22.5)
      actionpack (= 3.2.22.5)
      activerecord (= 3.2.22.5)
      activeresource (= 3.2.22.5)
      activesupport (= 3.2.22.5)
      bundler (~> 1.0)
      railties (= 3.2.22.5)
    railties (3.2.22.5)
      actionpack (= 3.2.22.5)
      activesupport (= 3.2.22.5)
      rack-ssl (~> 1.3.2)
      rake (>= 0.8.7)
      rdoc (~> 3.4)
      thor (>= 0.14.6, < 2.0)
    raindrops (0.20.0)
    rake (13.0.6)
    rdoc (3.9.5)
    recaptcha (5.12.3)
      json
    redis (3.0.7)
    redis-namespace (1.8.2)
      redis (>= 3.0.4)
    ref (2.0.0)
    sidekiq (2.17.7)
      celluloid (>= 0.15.2)
      connection_pool (>= 1.0.0)
      json
      redis (>= 3.0.6)
      redis-namespace (>= 1.3.1)
    simple_form (2.1.3)
      actionpack (~> 3.0)
      activemodel (~> 3.0)
    snaky_hash (2.0.1)
      hashie
      version_gem (~> 1.1, >= 1.1.1)
    sprockets (2.2.3)
      hike (~> 1.2)
      multi_json (~> 1.0)
      rack (~> 1.0)
      tilt (~> 1.1, != 1.3.0)
    state_machine (1.1.2)
    subexec (0.2.3)
    therubyracer (0.12.3)
      libv8 (~> 3.16.14.15)
      ref
    thor (1.2.1)
    tilt (1.4.1)
    timeliness (0.3.10)
    timers (4.3.5)
    treetop (1.4.15)
      polyglot
      polyglot (>= 0.3.1)
    twitter-bootstrap-rails (2.2.8)
      actionpack (>= 3.1)
      execjs
      rails (>= 3.1)
      railties (>= 3.1)
    tzinfo (0.3.61)
    uglifier (1.3.0)
      execjs (>= 0.3.0)
      multi_json (~> 1.0, >= 1.0.2)
    unf (0.1.4)
      unf_ext
    unf_ext (0.0.8.2)
    unicorn (4.3.1)
      kgio (~> 2.6)
      rack
      raindrops (~> 0.7)
    unicorn-worker-killer (0.4.5)
      get_process_mem (~> 0)
      unicorn (>= 4, < 7)
    validate_as_email (1.0.3)
      activemodel (~> 3)
      mail (~> 2)
    validates_timeliness (3.0.15)
      timeliness (~> 0.3.7)
    version_gem (1.1.1)
    webrick (1.7.0)
    will_paginate (3.0.12)
    xmlrpc (0.3.2)
      webrick
    yajl-ruby (1.4.3)

PLATFORMS
  ruby

DEPENDENCIES
  acts-as-taggable-on (~> 2.3.3)
  acts_as_list (~> 0.1.8)
  acts_as_tree (~> 1.1.0)
  authlogic (~> 3.1.2)
  bigdecimal (= 1.3.5)
  carrierwave (~> 0.5.7)
  dynamic_form (~> 1.1.4)
  fancybox2-rails
  fog (~> 1.22.0)
  gibbon (~> 0.3.5)
  guid (~> 0.1.1)
  hiredis (~> 0.4.5)
  httparty (~> 0.8.3)
  jquery-rails
  jquery-ui-rails
  koala (~> 1.5.0)
  less-rails (~> 2.3.2)
  mini_magick (~> 3.6)
  modernizr-rails
  mysql2!
  net-ssh
  newrelic_rpm
  omniauth (~> 1.1.0)
  omniauth-facebook (~> 1.4.1)
  omniauth-twitter (~> 0.0.12)
  quiet_assets
  rails (~> 3.2)
  recaptcha
  redis (~> 3.0.6)
  sidekiq (~> 2.17.0)
  simple_form (~> 2.1.0)
  sprockets
  state_machine (~> 1.1.2)
  therubyracer
  twitter-bootstrap-rails (~> 2.2.7)
  uglifier (~> 1.3.0)
  unf (~> 0.1.3)
  unicorn (~> 4.3.1)
  unicorn-worker-killer
  validate_as_email (~> 1.0.3)
  validates_timeliness (~> 3.0.14)
  will_paginate (~> 3.0.2)
  xmlrpc
  yajl-ruby

BUNDLED WITH
   1.17.3
